GEM
  remote: https://rubygems.org/
  specs:
    pdf-core (0.4.0)
    prawn (1.3.0)
      pdf-core (~> 0.4.0)
      ttfunk (~> 1.4.0)
    rake (10.4.2)
    ttfunk (1.4.0)

PLATFORMS
  ruby

DEPENDENCIES
  prawn (~> 1.3.0)
  rake (~> 10.4.2)
